PATH
  remote: .
  specs:
    eric_selva_view_tool (0.1.1)

GEM
  remote: https://rubygems.org/
  specs:
    rake (12.3.3)

PLATFORMS
  x64-mingw32

DEPENDENCIES
  eric_selva_view_tool!
  rake (~> 12.0)

BUNDLED WITH
   2.1.2
